PATH
  remote: .
  specs:
    gpe-gcc-pricing (0.2.0)
      awesome_print
      oj
      optimist

GEM
  remote: https://rubygems.org/
  specs:
    awesome_print (1.9.2)
    oj (3.13.2)
    optimist (3.0.1)
    rake (12.3.3)

PLATFORMS
  ruby

DEPENDENCIES
  gpe-gcc-pricing!
  rake (~> 12.0)

BUNDLED WITH
   1.17.0
