PATH
  remote: .
  specs:
    cloudcost (1.0.0)
      awesome_print
      aws-sdk-pricing
      optimist

GEM
  remote: https://rubygems.org/
  specs:
    awesome_print (1.9.2)
    aws-eventstream (1.2.0)
    aws-partitions (1.571.0)
    aws-sdk-core (3.130.0)
      aws-eventstream (~> 1, >= 1.0.2)
      aws-partitions (~> 1, >= 1.525.0)
      aws-sigv4 (~> 1.1)
      jmespath (~> 1.0)
    aws-sdk-pricing (1.37.0)
      aws-sdk-core (~> 3, >= 3.127.0)
      aws-sigv4 (~> 1.1)
    aws-sigv4 (1.4.0)
      aws-eventstream (~> 1, >= 1.0.2)
    jmespath (1.6.1)
    optimist (3.0.1)

PLATFORMS
  ruby

DEPENDENCIES
  cloudcost!

BUNDLED WITH
   2.1.4
