PATH
  remote: .
  specs:
    gpe-gcc-pricing (0.2.0)
      awesome_print
      aws-sdk-pricing
      optimist

GEM
  remote: https://rubygems.org/
  specs:
    awesome_print (1.9.2)
    aws-eventstream (1.2.0)
    aws-partitions (1.494.0)
    aws-sdk-core (3.120.0)
      aws-eventstream (~> 1, >= 1.0.2)
      aws-partitions (~> 1, >= 1.239.0)
      aws-sigv4 (~> 1.1)
      jmespath (~> 1.0)
    aws-sdk-pricing (1.31.0)
      aws-sdk-core (~> 3, >= 3.120.0)
      aws-sigv4 (~> 1.1)
    aws-sigv4 (1.3.0)
      aws-eventstream (~> 1, >= 1.0.2)
    jmespath (1.4.0)
    optimist (3.0.1)
    rake (12.3.3)

PLATFORMS
  ruby

DEPENDENCIES
  gpe-gcc-pricing!
  rake (~> 12.0)

BUNDLED WITH
   1.17.0
