PATH
  remote: .
  specs:
    gpe-gcc-pricing (0.1.0)

GEM
  remote: https://rubygems.org/
  specs:
    rake (12.3.3)

PLATFORMS
  ruby

DEPENDENCIES
  gpe-gcc-pricing!
  rake (~> 12.0)

BUNDLED WITH
   1.17.0
